PATH
  remote: .
  specs:
    cdt_baas (1.11.0)
      httparty

GEM
  remote: https://rubygems.org/
  specs:
    httparty (0.21.0)
      mini_mime (>= 1.0.0)
      multi_xml (>= 0.5.2)
    mini_mime (1.1.2)
    multi_xml (0.6.0)
    rake (13.0.3)

PLATFORMS
  ruby

DEPENDENCIES
  bundler (~> 1.16)
  cdt_baas!
  rake (~> 13.0)

BUNDLED WITH
   1.16.1
